GEM
  remote: https://rubygems.org/
  specs:
    alki-loader (0.2.5)
      alki-support (~> 0.7, >= 0.7.1)
    alki-support (0.7.1)

PLATFORMS
  ruby

DEPENDENCIES
  alki-loader
  alki-support

BUNDLED WITH
   1.16.1
