PATH
  remote: .
  specs:
    alki-example-todo (0.1.0)
      alki (~> 0.13.3)

GEM
  remote: https://rubygems.org/
  specs:
    alki (0.13.3)
      alki-dsl (~> 0.5, >= 0.5.1)
      alki-support (~> 0.7)
      concurrent-ruby (~> 1.0)
      ice_nine (~> 0.11)
    alki-console (0.7.0)
      alki (~> 0.13.0)
      pry (~> 0.11)
    alki-dsl (0.6.0)
      alki-loader (~> 0.2, >= 0.2.4)
      alki-support (~> 0.7, >= 0.7.1)
    alki-loader (0.2.5)
      alki-support (~> 0.7, >= 0.7.1)
    alki-reload (0.3.3)
      alki (~> 0.13.3)
      listen (~> 3.0)
    alki-support (0.7.1)
    alki-testing (0.4.0)
      bundler (~> 1.0)
      minitest (~> 5.0)
    coderay (1.1.2)
    concurrent-ruby (1.1.3)
    ffi (1.9.25)
    ice_nine (0.11.2)
    listen (3.1.5)
      rb-fsevent (~> 0.9, >= 0.9.4)
      rb-inotify (~> 0.9, >= 0.9.7)
      ruby_dep (~> 1.2)
    method_source (0.9.2)
    minitest (5.11.3)
    pry (0.12.2)
      coderay (~> 1.1.0)
      method_source (~> 0.9.0)
    rake (12.3.1)
    rb-fsevent (0.10.3)
    rb-inotify (0.9.10)
      ffi (>= 0.5.0, < 2)
    ruby_dep (1.5.0)

PLATFORMS
  ruby

DEPENDENCIES
  alki-console
  alki-example-todo!
  alki-reload
  alki-testing
  rake

BUNDLED WITH
   1.17.1
