PATH
  remote: .
  specs:
    alki-example-todo (0.1.0)
      alki (~> 0.12.1)

GEM
  remote: https://rubygems.org/
  specs:
    alki (0.12.1)
      alki-dsl (~> 0.5, >= 0.5.1)
      alki-support (~> 0.7)
      concurrent-ruby (~> 1.0)
      ice_nine (~> 0.11)
    alki-console (0.6.0)
      alki (~> 0.12.1)
      pry (~> 0.10)
    alki-dsl (0.5.1)
      alki-loader (~> 0.2, >= 0.2.2)
      alki-support (~> 0.7)
    alki-loader (0.2.3)
      alki-support (~> 0.7)
    alki-reload (0.3.1)
      alki (~> 0.12)
      alki-testing (~> 0.1)
      listen (~> 3.0)
    alki-support (0.7.0)
    alki-testing (0.2.0)
      bundler (~> 1.0)
      minitest (~> 5.0)
    coderay (1.1.1)
    concurrent-ruby (1.0.5)
    ffi (1.9.18)
    ice_nine (0.11.2)
    listen (3.1.5)
      rb-fsevent (~> 0.9, >= 0.9.4)
      rb-inotify (~> 0.9, >= 0.9.7)
      ruby_dep (~> 1.2)
    method_source (0.8.2)
    minitest (5.10.3)
    pry (0.10.4)
      coderay (~> 1.1.0)
      method_source (~> 0.8.1)
      slop (~> 3.4)
    rb-fsevent (0.10.2)
    rb-inotify (0.9.10)
      ffi (>= 0.5.0, < 2)
    ruby_dep (1.5.0)
    slop (3.6.0)

PLATFORMS
  ruby

DEPENDENCIES
  alki-console
  alki-example-todo!
  alki-reload
  alki-testing

BUNDLED WITH
   1.15.3
