GEM
  remote: https://rubygems.org/
  specs:
    alki (0.14.0)
      alki-dsl (~> 0.6)
      alki-support (~> 0.7, >= 0.7.1)
      concurrent-ruby (~> 1.0)
      ice_nine (~> 0.11)
    alki-console (0.7.1)
      alki (~> 0.14.0)
      pry (~> 0.11)
    alki-dsl (0.6.1)
      alki-loader (~> 0.2, >= 0.2.4)
      alki-support (~> 0.7, >= 0.7.1)
    alki-loader (0.2.5)
      alki-support (~> 0.7, >= 0.7.1)
    alki-support (0.7.1)
    coderay (1.1.2)
    concurrent-ruby (1.1.3)
    ice_nine (0.11.2)
    method_source (0.9.2)
    pry (0.12.0)
      coderay (~> 1.1.0)
      method_source (~> 0.9.0)

PLATFORMS
  ruby

DEPENDENCIES
  alki
  alki-console

BUNDLED WITH
   1.16.1
