GEM
  remote: https://rubygems.org/
  specs:
    alki (0.12.1)
      alki-dsl (~> 0.5, >= 0.5.1)
      alki-support (~> 0.7)
      concurrent-ruby (~> 1.0)
      ice_nine (~> 0.11)
    alki-console (0.6.0)
      alki (~> 0.12)
      pry (~> 0.10)
    alki-dsl (0.5.1)
      alki-loader (~> 0.2, >= 0.2.2)
      alki-support (~> 0.7)
    alki-loader (0.2.3)
      alki-support (~> 0.7)
    alki-support (0.7.0)
    coderay (1.1.1)
    concurrent-ruby (1.0.5)
    ice_nine (0.11.2)
    method_source (0.8.2)
    pry (0.10.4)
      coderay (~> 1.1.0)
      method_source (~> 0.8.1)
      slop (~> 3.4)
    slop (3.6.0)

PLATFORMS
  ruby

DEPENDENCIES
  alki
  alki-console

BUNDLED WITH
   1.15.3
